GEM
  remote: http://rubygems.org/
  specs:
    aruba (0.3.6)
      childprocess (>= 0.1.7)
      cucumber (>= 0.10.0)
      rspec (>= 2.5.0)
    builder (3.0.0)
    childprocess (0.2.3)
      ffi (~> 1.0.6)
    cucumber (1.1.3)
      builder (>= 2.1.2)
      diff-lcs (>= 1.1.2)
      gherkin (~> 2.6.7)
      json (>= 1.4.6)
      term-ansicolor (>= 1.0.6)
    diff-lcs (1.1.3)
    excon (0.7.6)
    ffi (1.0.11)
    fog (1.0.0)
      builder
      excon (~> 0.7.3)
      formatador (~> 0.2.0)
      mime-types
      multi_json (~> 1.0.3)
      net-scp (~> 1.0.4)
      net-ssh (~> 2.1.4)
      nokogiri (~> 1.5.0)
      ruby-hmac
    formatador (0.2.1)
    gherkin (2.6.9)
      json (>= 1.4.6)
    json (1.6.3)
    mime-types (1.17.2)
    multi_json (1.0.3)
    net-scp (1.0.4)
      net-ssh (>= 1.99.1)
    net-ssh (2.1.4)
    nokogiri (1.5.0)
    rcov (0.9.11)
    rspec (2.5.0)
      rspec-core (~> 2.5.0)
      rspec-expectations (~> 2.5.0)
      rspec-mocks (~> 2.5.0)
    rspec-core (2.5.2)
    rspec-expectations (2.5.0)
      diff-lcs (~> 1.1.2)
    rspec-mocks (2.5.0)
    ruby-hmac (0.4.0)
    term-ansicolor (1.0.7)

PLATFORMS
  ruby

DEPENDENCIES
  aruba
  fog
  rcov
  rspec
